PATH
  remote: .
  specs:
    megatest (0.1.0)

GEM
  remote: https://rubygems.org/
  specs:
    ast (2.4.2)
    connection_pool (2.4.1)
    json (2.7.2)
    minitest (5.24.0)
    parallel (1.24.0)
    parser (3.3.3.0)
      ast (~> 2.4.1)
      racc
    racc (1.8.0)
    rainbow (3.1.1)
    rake (13.2.1)
    redis-client (0.22.2)
      connection_pool
    regexp_parser (2.9.2)
    rexml (3.3.1)
      strscan
    rubocop (1.50.2)
      json (~> 2.3)
      parallel (~> 1.10)
      parser (>= 3.2.0.0)
      rainbow (>= 2.2.2, < 4.0)
      regexp_parser (>= 1.8, < 3.0)
      rexml (>= 3.2.5, < 4.0)
      rubocop-ast (>= 1.28.0, < 2.0)
      ruby-progressbar (~> 1.7)
      unicode-display_width (>= 2.4.0, < 3.0)
    rubocop-ast (1.30.0)
      parser (>= 3.2.1.0)
    ruby-progressbar (1.13.0)
    strscan (3.1.0)
    unicode-display_width (2.5.0)

PLATFORMS
  aarch64-linux
  arm64-darwin
  ruby
  x86_64-linux

DEPENDENCIES
  megatest!
  minitest (~> 5.16)
  rake (~> 13.0)
  redis-client (>= 0.22)
  rubocop (~> 1.21)

BUNDLED WITH
   2.4.22
